GEM
  remote: https://rubygems.org/
  specs:
    ansi (1.5.0)
    builder (3.2.4)
    minitest (5.15.0)
    minitest-reporters (1.5.0)
      ansi
      builder
      minitest (>= 5.0)
      ruby-progressbar
    ruby-progressbar (1.11.0)
    stamp (0.6.0)

PLATFORMS
  ruby

DEPENDENCIES
  minitest (~> 5.15)
  minitest-reporters (~> 1.5)
  stamp (~> 0.6.0)

RUBY VERSION
   ruby 2.6.8p205

BUNDLED WITH
   1.17.2
